PATH
  remote: .
  specs:
    dokkufy (0.0.1)
      commander

GEM
  remote: https://rubygems.org/
  specs:
    commander (4.2.0)
      highline (~> 1.6.11)
    highline (1.6.21)

PLATFORMS
  ruby

DEPENDENCIES
  dokkufy!
